PATH
  remote: .
  specs:
    scout (5.6.6)
      elif

GEM
  remote: http://rubygems.org/
  specs:
    activerecord (2.2.2)
      activesupport (= 2.2.2)
    activesupport (2.2.2)
    elif (0.1.0)
    mysql (2.8.1)
    newrelic_rpm (3.5.3.25)

PLATFORMS
  ruby

DEPENDENCIES
  activerecord (= 2.2.2)
  mysql
  newrelic_rpm
  scout!
