PATH
  remote: .
  specs:
    scout (5.9.1)
      elif
      server_metrics (>= 1.2.4)

GEM
  remote: http://rubygems.org/
  specs:
    elif (0.1.0)
    server_metrics (1.2.5)

PLATFORMS
  ruby

DEPENDENCIES
  scout!
  server_metrics
